GEM
  remote: https://rubygems.org/
  specs:
    alfred-workflow (1.8.0)
      plist (>= 3.1.0)
    plist (3.1.0)
    sqlite3 (1.3.7)

PLATFORMS
  ruby

DEPENDENCIES
  alfred-workflow
  plist
  sqlite3 (= 1.3.7)
